

GROUP Analyzers
NUGET
  remote: https://api.nuget.org/v3/index.json
    Gu.Analyzers (1.2.18-dev)
    StyleCop.Analyzers (1.1.0-beta009)
