

GROUP Analyzers
NUGET
  remote: https://api.nuget.org/v3/index.json
    StyleCop.Analyzers (1.1.0-beta009)
